GEM
  remote: https://rubygems.org/
  specs:
    celluloid (0.15.2)
      timers (~> 1.1.0)
    hashdiff (0.2.1)
    json-compare (0.1.8)
    timers (1.1.0)

PLATFORMS
  ruby

DEPENDENCIES
  celluloid
  hashdiff
  json-compare
